GEM
  remote: https://rubygems.org/
  specs:
    actionmailer (3.2.22.2)
      actionpack (= 3.2.22.2)
      mail (~> 2.5.4)
    actionpack (3.2.22.2)
      activemodel (= 3.2.22.2)
      activesupport (= 3.2.22.2)
      builder (~> 3.0.0)
      erubis (~> 2.7.0)
      journey (~> 1.0.4)
      rack (~> 1.4.5)
      rack-cache (~> 1.2)
      rack-test (~> 0.6.1)
      sprockets (~> 2.2.1)
    activemodel (3.2.22.2)
      activesupport (= 3.2.22.2)
      builder (~> 3.0.0)
    activerecord (3.2.22.2)
      activemodel (= 3.2.22.2)
      activesupport (= 3.2.22.2)
      arel (~> 3.0.2)
      tzinfo (~> 0.3.29)
    activeresource (3.2.22.2)
      activemodel (= 3.2.22.2)
      activesupport (= 3.2.22.2)
    activesupport (3.2.22.2)
      i18n (~> 0.6, >= 0.6.4)
      multi_json (~> 1.0)
    acts_as_tree (2.6.0)
      activerecord (>= 3.0.0)
    addressable (2.3.8)
    arel (3.0.3)
    awesome_print (1.7.0)
    bartt-ssl_requirement (1.4.2)
    builder (3.0.4)
    byebug (9.0.6)
    capybara (2.11.0)
      addressable
      mime-types (>= 1.16)
      nokogiri (>= 1.3.3)
      rack (>= 1.0.0)
      rack-test (>= 0.5.4)
      xpath (~> 2.0)
    ci_reporter (1.9.3)
      builder (>= 2.1.2)
    cliver (0.3.2)
    coderay (1.1.0)
    crack (0.4.3)
      safe_yaml (~> 1.0.0)
    cucumber (2.4.0)
      builder (>= 2.1.2)
      cucumber-core (~> 1.5.0)
      cucumber-wire (~> 0.0.1)
      diff-lcs (>= 1.1.3)
      gherkin (~> 4.0)
      multi_json (>= 1.7.5, < 2.0)
      multi_test (>= 0.1.2)
    cucumber-core (1.5.0)
      gherkin (~> 4.0)
    cucumber-rails (1.4.5)
      capybara (>= 1.1.2, < 3)
      cucumber (>= 1.3.8, < 4)
      mime-types (>= 1.16, < 4)
      nokogiri (~> 1.5)
      railties (>= 3, < 5.1)
    cucumber-wire (0.0.1)
    curb (0.9.3)
    daemons (1.2.3)
    database_cleaner (1.5.3)
    diff-lcs (1.2.5)
    docile (1.1.5)
    dynamic_form (1.1.4)
    erubis (2.7.0)
    exception_notification (4.0.0)
      actionmailer (>= 3.0.4)
      activesupport (>= 3.0.4)
    fakeweb (1.3.0)
    faraday (0.9.2)
      multipart-post (>= 1.2, < 3)
    faraday-http-cache (1.3.1)
      faraday (~> 0.8)
    faraday_middleware (0.10.1)
      faraday (>= 0.7.4, < 1.0)
    fast_trie (0.5.1)
    gherkin (4.0.0)
    hashdiff (0.3.0)
    hike (1.2.3)
    i18n (0.6.11)
    jbuilder (2.6.0)
      activesupport (>= 3.0.0, < 5.1)
      multi_json (~> 1.2)
    jira-ruby (0.1.17)
      activesupport
      oauth (~> 0.4.7)
    journey (1.0.4)
    jquery-rails (3.1.4)
      railties (>= 3.0, < 5.0)
      thor (>= 0.14, < 2.0)
    json (1.8.3)
    krb5-auth (0.7)
    launchy (2.4.3)
      addressable (~> 2.3)
    mail (2.5.4)
      mime-types (~> 1.16)
      treetop (~> 1.4.8)
    memoist (0.15.0)
    metaclass (0.0.4)
    method_source (0.8.2)
    mime-types (1.25.1)
    mini_portile2 (2.1.0)
    mocha (1.1.0)
      metaclass (~> 0.0.1)
    multi_json (1.12.1)
    multi_test (0.1.2)
    multipart-post (2.0.0)
    mysql2 (0.3.20)
    nokogiri (1.7.0.1)
      mini_portile2 (~> 2.1.0)
    oauth (0.4.7)
    parallel (1.6.1)
    parallel_tests (2.4.0)
      parallel
    pdc (0.1.9)
      activemodel (~> 3.2.22.2)
      activesupport (~> 3.2.22.2)
      curb (~> 0.9.3)
      faraday (~> 0.9.2)
      faraday-http-cache (~> 1.3.0)
      faraday_middleware (~> 0.10.0)
      multi_json (~> 1.11)
      uri_template (~> 0.7.0)
    poltergeist (1.12.0)
      capybara (~> 2.1)
      cliver (~> 0.3.1)
      websocket-driver (>= 0.2.0)
    polyglot (0.3.5)
    power_assert (0.2.7)
    pry (0.10.3)
      coderay (~> 1.1.0)
      method_source (~> 0.8.1)
      slop (~> 3.4)
    pry-byebug (3.4.0)
      byebug (~> 9.0)
      pry (~> 0.10)
    pry-rails (0.3.4)
      pry (>= 0.9.10)
    qpid_messaging (0.18.5)
    qpid_proton (0.10.1)
      json
    rack (1.4.7)
    rack-cache (1.6.1)
      rack (>= 0.4)
    rack-cors (0.4.0)
    rack-ssl (1.3.4)
      rack
    rack-test (0.6.3)
      rack (>= 1.0)
    rails (3.2.22.2)
      actionmailer (= 3.2.22.2)
      actionpack (= 3.2.22.2)
      activerecord (= 3.2.22.2)
      activeresource (= 3.2.22.2)
      activesupport (= 3.2.22.2)
      bundler (~> 1.0)
      railties (= 3.2.22.2)
    rails_autolink (1.1.4)
      rails (> 3.1)
    railties (3.2.22.2)
      actionpack (= 3.2.22.2)
      activesupport (= 3.2.22.2)
      rack-ssl (~> 1.3.2)
      rake (>= 0.8.7)
      rdoc (~> 3.4)
      thor (>= 0.14.6, < 2.0)
    rake (10.4.2)
    rdoc (3.12.2)
      json (~> 1.4)
    rubyzip (0.9.9)
    safe_yaml (1.0.4)
    schema_plus (0.4.1)
      rails
      valuable
    simplecov (0.12.0)
      docile (~> 1.1.0)
      json (>= 1.8, < 3)
      simplecov-html (~> 0.10.0)
    simplecov-html (0.10.0)
    simplecov-rcov (0.2.3)
      simplecov (>= 0.4.1)
    slop (3.6.0)
    sprockets (2.2.3)
      hike (~> 1.2)
      multi_json (~> 1.0)
      rack (~> 1.0)
      tilt (~> 1.1, != 1.3.0)
    syck (1.0.5)
    test-unit (3.1.7)
      power_assert
    test_after_commit (0.2.7)
      activerecord (>= 3.2)
    thor (0.19.1)
    tilt (1.4.1)
    timeliness (0.3.8)
    treetop (1.4.15)
      polyglot
      polyglot (>= 0.3.1)
    tzinfo (0.3.46)
    uri_template (0.7.0)
    validates_timeliness (3.0.15)
      timeliness (~> 0.3.7)
    valuable (0.9.10)
    vcr (3.0.3)
    webmock (2.1.0)
      addressable (>= 2.3.6)
      crack (>= 0.3.2)
      hashdiff
    websocket-driver (0.6.4)
      websocket-extensions (>= 0.1.0)
    websocket-extensions (0.1.2)
    will_paginate (3.0.7)
    xml-simple (1.1.5)
    xpath (2.0.0)
      nokogiri (~> 1.3)
    yajl-ruby (1.2.1)

PLATFORMS
  ruby

DEPENDENCIES
  acts_as_tree (~> 2.6.0)
  awesome_print
  bartt-ssl_requirement (~> 1.4.0)
  capybara
  ci_reporter
  cucumber-rails
  curb
  daemons (~> 1.2.3)
  database_cleaner
  diff-lcs
  dynamic_form
  exception_notification (< 4.0.1)
  fakeweb
  fast_trie (~> 0.5.0)
  i18n (~> 0.6.5)
  jbuilder
  jira-ruby
  jquery-rails
  krb5-auth
  launchy
  memoist
  mocha (~> 1.1.0)
  mysql2 (~> 0.3.20)
  nokogiri
  parallel_tests
  pdc
  poltergeist
  pry
  pry-byebug
  pry-rails
  qpid_messaging (~> 0.18.5)
  qpid_proton (~> 0.10.1)
  rack-cors
  rails (~> 3.2.22)
  rails_autolink (< 1.1.5)
  rake (~> 10.4.2)
  rubyzip
  schema_plus (~> 0.4.1)
  simplecov
  simplecov-rcov
  syck
  test-unit
  test_after_commit (~> 0.2.4)
  validates_timeliness (~> 3.0)
  vcr
  webmock
  will_paginate (~> 3.0.0)
  xml-simple
  yajl-ruby (~> 1.2.1)
